NUGET
  remote: https://nuget.org/api/v2
  specs:
    Aether (6.0.0)
    Chiron (4.1.0)
      Aether (>= 6.0.0)
      FParsec (>= 1.0.1)
      FSharp.Core (>= 3.1.2.1)
    FParsec (1.0.1)
    FSharp.Core (4.0.0.1)
    Http.fs (1.5.1)
